PATH
  remote: .
  specs:
    huginn_garoon_agents (0.1)
      huginn_agent
      ragoon (>= 0.6.0)

GEM
  remote: https://rubygems.org/
  specs:
    domain_name (0.5.20160826)
      unf (>= 0.0.5, < 1.0.0)
    http-cookie (1.0.2)
      domain_name (~> 0.5)
    huginn_agent (0.4.3)
      thor
    mime-types (2.99.3)
    mini_portile2 (2.1.0)
    netrc (0.11.0)
    nokogiri (1.6.8)
      mini_portile2 (~> 2.1.0)
      pkg-config (~> 1.1.7)
    pkg-config (1.1.7)
    ragoon (0.6.0)
      nokogiri (~> 1.6.6)
      rest-client (~> 1.8.0)
    rake (10.5.0)
    rest-client (1.8.0)
      http-cookie (>= 1.0.2, < 2.0)
      mime-types (>= 1.16, < 3.0)
      netrc (~> 0.7)
    thor (0.19.1)
    unf (0.1.4)
      unf_ext
    unf_ext (0.0.7.2)

PLATFORMS
  ruby

DEPENDENCIES
  bundler (~> 1.10)
  huginn_agent (~> 0.4.3)
  huginn_garoon_agents!
  rake (~> 10.0)

BUNDLED WITH
   1.12.5
